GEM
  remote: http://rubygems.org/
  specs:
    RedCloth (4.2.3)
    actionpack (2.3.4)
      activesupport (= 2.3.4)
      rack (~> 1.0.0)
    activerecord (2.3.4)
      activesupport (= 2.3.4)
    activesupport (2.3.4)
    diff-lcs (1.1.2)
    git (1.2.5)
    jeweler (1.5.2)
      bundler (~> 1.0.0)
      git (>= 1.2.5)
      rake
    mysql2 (0.2.6)
    rack (1.0.1)
    rake (0.8.7)
    rcov (0.9.9)
    rspec (2.0.1)
      rspec-core (~> 2.0.1)
      rspec-expectations (~> 2.0.1)
      rspec-mocks (~> 2.0.1)
    rspec-core (2.0.1)
    rspec-expectations (2.0.1)
      diff-lcs (>= 1.1.2)
    rspec-mocks (2.0.1)
      rspec-core (~> 2.0.1)
      rspec-expectations (~> 2.0.1)
    rspec-rails (2.0.1)
      rspec (~> 2.0.0)

PLATFORMS
  ruby

DEPENDENCIES
  RedCloth (>= 4.2.2)
  actionpack (>= 2.3.4)
  activerecord (>= 2.3.4)
  activesupport (>= 2.3.4)
  bundler (~> 1.0.0)
  jeweler (~> 1.5.2)
  mysql2
  rcov
  rspec (~> 2.0.0)
  rspec-rails (~> 2.0.0)
